GEM
  remote: https://rubygems.org/
  specs:
    base64 (0.2.0)
    browserstack-local (1.3.0)
    childprocess (4.1.0)
    logger (1.6.5)
    rexml (3.4.0)
    rubyzip (2.4.1)
    selenium-webdriver (4.1.0)
      childprocess (>= 0.5, < 5.0)
      rexml (~> 3.2, >= 3.2.5)
      rubyzip (>= 1.2.2)

PLATFORMS
  arm64-darwin-24
  ruby
  x86_64-darwin-20

DEPENDENCIES
  base64 (= 0.2.0)
  browserstack-local (= 1.3.0)
  logger (= 1.6.5)
  selenium-webdriver (= 4.1.0)

BUNDLED WITH
   2.6.2
